GEM
  remote: https://rubygems.org/
  specs:
    net-ldap (0.16.1)

PLATFORMS
  ruby

DEPENDENCIES
  net-ldap!

BUNDLED WITH
   1.16.0
